GEM
  remote: https://rubygems.org/
  specs:
    parslet (2.0.0)

PLATFORMS
  x64-mingw-ucrt

DEPENDENCIES
  parslet

BUNDLED WITH
   2.5.22
